NUGET
  remote: https://www.nuget.org/api/v2
    FSharp.Core (4.7.1)
    IKVM (8.1.5717) - restriction: >= net461
    Newtonsoft.Json (12.0.3) - restriction: >= net461
    Stanford.NLP.CoreNLP (3.9.2) - restriction: >= net461
      IKVM (8.1.5717)
    System.ValueTuple (4.3.1) - restriction: >= net461
